GEM
  remote: https://rubygems.org/
  specs:
    alsa-rawmidi (0.3.2)
      ffi (~> 1.0)
    coderay (1.1.2)
    ffi (1.13.1)
    ffi-coremidi (0.4.1)
      ffi (~> 1.9, >= 1.9.6)
    method_source (0.9.2)
    midi-jruby (0.1.6)
    midi-message (0.4.9)
    midi-winmm (0.1.10)
      ffi (>= 1.0)
    pry (0.12.2)
      coderay (~> 1.1.0)
      method_source (~> 0.9.0)
    unimidi (0.4.8)
      alsa-rawmidi (~> 0.3, >= 0.3.1)
      ffi-coremidi (~> 0.3, >= 0.3.5)
      midi-jruby (~> 0.1, >= 0.1.4)
      midi-winmm (~> 0.1, >= 0.1.10)

PLATFORMS
  ruby

DEPENDENCIES
  ffi-coremidi
  midi-message
  pry
  unimidi

BUNDLED WITH
   2.1.4
